GEM
  remote: http://rubygems.org/
  specs:
    bourbon (2.1.1)
      sass (>= 3.1)
    daemons (1.1.8)
    eventmachine (0.12.10)
    haml (3.1.6)
    rack (1.4.1)
    rack-protection (1.2.0)
      rack
    rdiscount (1.6.8)
    sass (3.1.20)
    sinatra (1.3.2)
      rack (~> 1.3, >= 1.3.6)
      rack-protection (~> 1.2)
      tilt (~> 1.3, >= 1.3.3)
    thin (1.4.1)
      daemons (>= 1.0.9)
      eventmachine (>= 0.12.6)
      rack (>= 1.0.0)
    tilt (1.3.3)

PLATFORMS
  ruby

DEPENDENCIES
  bourbon
  haml
  rdiscount
  sass
  sinatra
  thin
