GEM
  remote: http://rubygems.org/
  specs:
    addressable (2.2.8)
    bourbon (2.1.1)
      sass (>= 3.1)
    daemons (1.1.8)
    eventmachine (0.12.10)
    excon (0.15.3)
    foreman (0.51.0)
      thor (>= 0.13.6)
    haml (3.1.6)
    heroku (2.28.15)
      heroku-api (~> 0.2.12)
      launchy (>= 0.3.2)
      netrc (~> 0.7.5)
      rest-client (~> 1.6.1)
      rubyzip
    heroku-api (0.2.12)
      excon (~> 0.15.3)
    launchy (2.1.0)
      addressable (~> 2.2.6)
    mime-types (1.19)
    netrc (0.7.5)
    rack (1.4.1)
    rack-protection (1.2.0)
      rack
    rdiscount (1.6.8)
    rest-client (1.6.7)
      mime-types (>= 1.16)
    rubyzip (0.9.9)
    sass (3.1.20)
    sinatra (1.3.2)
      rack (~> 1.3, >= 1.3.6)
      rack-protection (~> 1.2)
      tilt (~> 1.3, >= 1.3.3)
    thin (1.4.1)
      daemons (>= 1.0.9)
      eventmachine (>= 0.12.6)
      rack (>= 1.0.0)
    thor (0.15.4)
    tilt (1.3.3)

PLATFORMS
  ruby

DEPENDENCIES
  bourbon (>= 2.1.1)
  foreman
  haml (>= 3.1.6)
  heroku
  rdiscount (>= 1.6.8)
  sass (>= 3.1.20)
  sinatra (>= 1.3.2)
  thin (>= 1.4.1)
